GEM
  remote: http://rubygems.org/
  specs:
    activesupport (5.2.2)
      concurrent-ruby (~> 1.0, >= 1.0.2)
      i18n (>= 0.7, < 2)
      minitest (~> 5.1)
      tzinfo (~> 1.1)
    builder (3.2.3)
    byebug (10.0.2)
    concurrent-ruby (1.1.4)
    cucumber (1.3.19)
      builder (>= 2.1.2)
      diff-lcs (>= 1.1.3)
      gherkin (~> 2.12)
      multi_json (>= 1.7.5, < 2.0)
      multi_test (>= 0.1.2)
    cuke_sniffer (1.1.0)
      nokogiri (~> 1.6, >= 1.6.8)
      roxml (~> 3.3, >= 3.3.1)
    data_magic (1.2)
      faker (>= 1.1.2)
      yml_reader (>= 0.6)
    diff-lcs (1.3)
    factory_girl (4.9.0)
      activesupport (>= 3.0.0)
    faker (1.9.1)
      i18n (>= 0.7)
    gherkin (2.12.2)
      multi_json (~> 1.3)
    i18n (1.5.3)
      concurrent-ruby (~> 1.0)
    jruby-pageant (1.1.1)
    mini_portile2 (2.4.0)
    minitest (5.11.3)
    multi_json (1.13.1)
    multi_test (0.1.2)
    mysql2 (0.5.2)
    net-scp (1.2.1)
      net-ssh (>= 2.6.5)
    net-ssh (5.1.0)
    nokogiri (1.10.1)
      mini_portile2 (~> 2.4.0)
    rake (12.3.2)
    roxml (3.3.1)
      activesupport (>= 2.3.0)
      nokogiri (>= 1.3.3)
    rspec (3.8.0)
      rspec-core (~> 3.8.0)
      rspec-expectations (~> 3.8.0)
      rspec-mocks (~> 3.8.0)
    rspec-core (3.8.0)
      rspec-support (~> 3.8.0)
    rspec-expectations (3.8.2)
      diff-lcs (>= 1.2.0, < 2.0)
      rspec-support (~> 3.8.0)
    rspec-mocks (3.8.0)
      diff-lcs (>= 1.2.0, < 2.0)
      rspec-support (~> 3.8.0)
    rspec-support (3.8.0)
    rspec_junit_formatter (0.4.1)
      rspec-core (>= 2, < 4, != 2.12.0)
    ruby-debug-ide (0.6.1)
      rake (>= 0.8.1)
    sequel (5.17.0)
    thread_safe (0.3.6)
    tzinfo (1.2.5)
      thread_safe (~> 0.1)
    yml_reader (0.7)

PLATFORMS
  ruby

DEPENDENCIES
  byebug (~> 10.0)
  cucumber (= 1.3.19)
  cuke_sniffer
  data_magic
  factory_girl
  faker
  jruby-pageant
  mysql2 (= 0.5.2)
  net-scp
  net-ssh
  nokogiri
  rake
  rspec
  rspec_junit_formatter
  ruby-debug-ide
  sequel

BUNDLED WITH
   2.0.1
